GEM
  remote: https://rubygems.org/
  specs:
    jdbc-sqlite3 (3.8.11.2)
    jruby-jars (1.7.23)
    jruby-rack (1.1.19)
    rake (10.4.2)
    rubyzip (1.1.7)
    safe_yaml (1.0.4)
    sequel (4.28.0)
    warbler (1.4.9)
      jruby-jars (>= 1.5.6, < 2.0)
      jruby-rack (>= 1.1.1, < 1.3)
      rake (>= 0.9.6)
      rubyzip (>= 0.9, < 1.2)

PLATFORMS
  java

DEPENDENCIES
  jdbc-sqlite3
  safe_yaml
  sequel
  warbler

BUNDLED WITH
   1.10.6
